GEM
  remote: https://rubygems.org/
  specs:
    motion-stump (0.2.1)

PLATFORMS
  ruby

DEPENDENCIES
  motion-stump
